GEM
  remote: http://rubygems.org/
  specs:
    daemons (1.2.3)
    faraday (0.9.2)
      multipart-post (>= 1.2, < 3)
    faraday_middleware (0.10.0)
      faraday (>= 0.7.4, < 0.10)
    json (1.8.3)
    multipart-post (2.0.0)
    newrelic_plugin (1.3.1)
      json
    rabbitmq_manager (0.1.0)
      faraday
      faraday_middleware
    redis (3.2.1)

PLATFORMS
  ruby

DEPENDENCIES
  daemons
  newrelic_plugin
  rabbitmq_manager (~> 0.1.0)
  redis
