GEM
  remote: http://rubygems.org/
  specs:
    faraday (0.9.0)
      multipart-post (>= 1.2, < 3)
    faraday_middleware (0.9.1)
      faraday (>= 0.7.4, < 0.10)
    json (1.8.1)
    multipart-post (2.0.0)
    newrelic_plugin (1.3.1)
      json
    rabbitmq_manager (0.1.0)
      faraday
      faraday_middleware
    redis (3.2.0)

PLATFORMS
  ruby

DEPENDENCIES
  newrelic_plugin
  rabbitmq_manager (~> 0.1.0)
  redis
  json
